PATH
  remote: .
  specs:
    lucie (0.0.1)

GEM
  remote: https://rubygems.org/
  specs:
    mini_shoulda (0.5.0)
      minitest (> 2.1.0)
    minitest (4.7.0)
    rake (10.0.4)

PLATFORMS
  ruby

DEPENDENCIES
  lucie!
  mini_shoulda
  minitest
  rake
