PATH
  remote: .
  specs:
    lucie-bin (0.0.21)
      lucie-cmd (= 0.0.21)
      lucie-lib (= 0.0.21)

GEM
  remote: https://rubygems.org/
  specs:
    json (1.8.1)
    lucie-cmd (0.0.21)
    lucie-lib (0.0.21)
    minitest (4.6.0)
    rake (10.0.3)
    rdoc (4.1.1)
      json (~> 1.4)
    sdoc (0.4.0)
      json (~> 1.8)
      rdoc (~> 4.0, < 5.0)

PLATFORMS
  ruby

DEPENDENCIES
  lucie-bin!
  minitest (= 4.6)
  rake (= 10.0.3)
  sdoc
